{
    "Modality": "MR",
    "MagneticFieldStrength": 1.5,
    "ImagingFrequency": 63.870308,
    "Manufacturer": "Philips",
    "ManufacturersModelName": "Achieva dStream",
    "InstitutionName": "Envision Imaging of Bedford",
    "InstitutionalDepartmentName": "Radiology",
    "DeviceSerialNumber": "18559",
    "StationName": "BEDMR1",
    "PatientAge": 28,
    "BodyPartExamined": "CSPINE",
    "PatientPosition": "HFS",
    "ProcedureStepDescription": "MRI Head/Brain W / WO",
    "SoftwareVersions": "5.7.1\\5.7.1.5",
    "MRAcquisitionType": "2D",
    "SeriesDescription": "SAG T1",
    "ProtocolName": "SAG T1",
    "ScanningSequence": "SE",
    "SequenceVariant": "SK",
    "ScanOptions": "OTHER",
    "PulseSequenceName": "TSE",
    "ImageType": [
        "ORIGINAL",
        "PRIMARY",
        "M",
        "SE",
        "M",
        "SE"
    ],
    "SeriesNumber": 201,
    "AcquisitionTime": "13:45:53.460000",
    "AcquisitionNumber": 2,
    "PhilipsRWVSlope": 2.07277,
    "PhilipsRWVIntercept": 0,
    "PhilipsRescaleSlope": 2.07277,
    "PhilipsRescaleIntercept": 0,
    "PhilipsScaleSlope": 0.183055,
    "UsePhilipsFloatNotDisplayScaling": 1,
    "SliceThickness": 5,
    "SpacingBetweenSlices": 6,
    "SAR": 0.537353,
    "EchoTime": 0.01,
    "RepetitionTime": 0.638076,
    "MTState": false,
    "FlipAngle": 90,
    "CoilString": "MULTI COIL",
    "PercentPhaseFOV": 100,
    "PercentSampling": 79.7753,
    "EchoTrainLength": 4,
    "PhaseEncodingSteps": 254,
    "FrequencyEncodingSteps": 324,
    "PhaseEncodingStepsOutOfPlane": 1,
    "AcquisitionMatrixPE": 254,
    "ReconMatrixPE": 512,
    "CompressedSensingFactor": 1.6,
    "WaterFatShift": 1.07229,
    "EstimatedEffectiveEchoSpacing": 0.00000773041,
    "EstimatedTotalReadoutTime": 0.00395024,
    "AcquisitionDuration": 65.0838,
    "PixelBandwidth": 203,
    "PhaseEncodingAxis": "i",
    "ImageOrientationPatientDICOM": [
        0.168297,
        0.985735,
        -0.00181118,
        -0.00793356,
        -0.00048282,
        -0.999968
    ],
    "InPlanePhaseEncodingDirectionDICOM": "ROW",
    "BidsGuess": [
        "anat",
        "_acq-SKSETSEp16_run-201_PDw"
    ],
    "ConversionSoftware": "dcm2niix",
    "ConversionSoftwareVersion": "v1.0.20240202"
}