{
    "Modality": "MR",
    "MagneticFieldStrength": 1.5,
    "ImagingFrequency": 63.870316,
    "Manufacturer": "Philips",
    "ManufacturersModelName": "Achieva dStream",
    "InstitutionName": "Envision Imaging of Bedford",
    "InstitutionalDepartmentName": "Radiology",
    "DeviceSerialNumber": "18559",
    "StationName": "BEDMR1",
    "PatientAge": 28,
    "BodyPartExamined": "CSPINE",
    "PatientPosition": "HFS",
    "ProcedureStepDescription": "MRI Head/Brain W / WO",
    "SoftwareVersions": "5.7.1\\5.7.1.5",
    "MRAcquisitionType": "2D",
    "SeriesDescription": "POST AX T1",
    "ProtocolName": "POST AX T1",
    "ScanningSequence": "SE",
    "SequenceVariant": "SK",
    "ScanOptions": "OTHER",
    "PulseSequenceName": "TSE",
    "ImageType": [
        "ORIGINAL",
        "PRIMARY",
        "M",
        "SE",
        "M",
        "SE"
    ],
    "SeriesNumber": 1801,
    "AcquisitionTime": "14:22:32.300000",
    "AcquisitionNumber": 18,
    "PhilipsRWVSlope": 1.67473,
    "PhilipsRWVIntercept": 0,
    "PhilipsRescaleSlope": 1.67473,
    "PhilipsRescaleIntercept": 0,
    "PhilipsScaleSlope": 0.181316,
    "UsePhilipsFloatNotDisplayScaling": 1,
    "SliceThickness": 5,
    "SpacingBetweenSlices": 6,
    "SAR": 0.536247,
    "EchoTime": 0.01,
    "RepetitionTime": 0.639392,
    "MTState": false,
    "FlipAngle": 90,
    "CoilString": "MULTI COIL",
    "PercentPhaseFOV": 78.5714,
    "PercentSampling": 79.2332,
    "EchoTrainLength": 4,
    "PhaseEncodingSteps": 236,
    "FrequencyEncodingSteps": 300,
    "PhaseEncodingStepsOutOfPlane": 1,
    "AcquisitionMatrixPE": 236,
    "ReconMatrixPE": 448,
    "CompressedSensingFactor": 1.6,
    "WaterFatShift": 1.07366,
    "EstimatedEffectiveEchoSpacing": 0.0000088485,
    "EstimatedTotalReadoutTime": 0.00395528,
    "AcquisitionDuration": 65.218,
    "PixelBandwidth": 202,
    "PhaseEncodingAxis": "i",
    "ImageOrientationPatientDICOM": [
        0.985704,
        -0.16752,
        -0.0179958,
        0.168297,
        0.984008,
        0.0583481
    ],
    "InPlanePhaseEncodingDirectionDICOM": "ROW",
    "BidsGuess": [
        "anat",
        "_acq-SKSETSEp16_run-1801_PDw"
    ],
    "ConversionSoftware": "dcm2niix",
    "ConversionSoftwareVersion": "v1.0.20240202"
}