{
    "Modality": "MR",
    "MagneticFieldStrength": 1.5,
    "ImagingFrequency": 63.870192,
    "Manufacturer": "Philips",
    "ManufacturersModelName": "Achieva dStream",
    "InstitutionName": "Envision Imaging of Bedford",
    "InstitutionalDepartmentName": "Radiology",
    "DeviceSerialNumber": "18559",
    "StationName": "BEDMR1",
    "PatientAge": 28,
    "BodyPartExamined": "CSPINE",
    "PatientPosition": "HFS",
    "ProcedureStepDescription": "MRI Cervical Spine W / WO",
    "SoftwareVersions": "5.7.1\\5.7.1.5",
    "MRAcquisitionType": "2D",
    "SeriesDescription": "CSP SAG STIR",
    "ProtocolName": "CSP SAG STIR",
    "ScanningSequence": "IR",
    "SequenceVariant": "SK",
    "ScanOptions": "SP",
    "PulseSequenceName": "TIR",
    "ImageType": [
        "ORIGINAL",
        "PRIMARY",
        "M",
        "IR",
        "M",
        "IR"
    ],
    "SeriesNumber": 1201,
    "AcquisitionTime": "14:06:19.750000",
    "AcquisitionNumber": 12,
    "PhilipsRWVSlope": 4.37534,
    "PhilipsRWVIntercept": 0,
    "PhilipsRescaleSlope": 4.37534,
    "PhilipsRescaleIntercept": 0,
    "PhilipsScaleSlope": 0.331447,
    "UsePhilipsFloatNotDisplayScaling": 1,
    "SliceThickness": 3,
    "SpacingBetweenSlices": 3.3,
    "SAR": 1.42426,
    "NumberOfAverages": 2,
    "EchoTime": 0.055,
    "RepetitionTime": 2.15143,
    "MTState": false,
    "InversionTime": 0.155,
    "FlipAngle": 90,
    "CoilString": "MULTI COIL",
    "PercentPhaseFOV": 154.839,
    "PercentSampling": 89.0496,
    "EchoTrainLength": 18,
    "PhaseEncodingSteps": 223,
    "FrequencyEncodingSteps": 260,
    "PhaseEncodingStepsOutOfPlane": 1,
    "AcquisitionMatrixPE": 223,
    "ReconMatrixPE": 768,
    "CompressedSensingFactor": 1.9,
    "WaterFatShift": 1.07259,
    "EstimatedEffectiveEchoSpacing": 0.00000610071,
    "EstimatedTotalReadoutTime": 0.00467924,
    "AcquisitionDuration": 159.205,
    "PixelBandwidth": 202,
    "PhaseEncodingAxis": "j",
    "ImageOrientationPatientDICOM": [
        0.161628,
        0.979041,
        0.123917,
        0.047541,
        0.117698,
        -0.991911
    ],
    "InPlanePhaseEncodingDirectionDICOM": "COL",
    "BidsGuess": [
        "anat",
        "_acq-SKIRTIRp19_run-1201_FLAIR"
    ],
    "ConversionSoftware": "dcm2niix",
    "ConversionSoftwareVersion": "v1.0.20240202"
}