{
    "Modality": "MR",
    "MagneticFieldStrength": 1.5,
    "ImagingFrequency": 63.870276,
    "Manufacturer": "Philips",
    "ManufacturersModelName": "Achieva dStream",
    "InstitutionName": "Envision Imaging of Bedford",
    "InstitutionalDepartmentName": "Radiology",
    "DeviceSerialNumber": "18559",
    "StationName": "BEDMR1",
    "PatientAge": 28,
    "BodyPartExamined": "CSPINE",
    "PatientPosition": "HFS",
    "ProcedureStepDescription": "MRI Head/Brain W / WO",
    "SoftwareVersions": "5.7.1\\5.7.1.5",
    "MRAcquisitionType": "2D",
    "SeriesDescription": "MS SAG FLAIR FS",
    "ProtocolName": "MS SAG FLAIR FS",
    "ScanningSequence": "IR",
    "SequenceVariant": "SK",
    "ScanOptions": "FS",
    "PulseSequenceName": "TIR",
    "ImageType": [
        "ORIGINAL",
        "PRIMARY",
        "M",
        "IR",
        "M",
        "IR"
    ],
    "SeriesNumber": 301,
    "AcquisitionTime": "13:47:36.360000",
    "AcquisitionNumber": 3,
    "PhilipsRWVSlope": 10.9878,
    "PhilipsRWVIntercept": 0,
    "PhilipsRescaleSlope": 10.9878,
    "PhilipsRescaleIntercept": 0,
    "PhilipsScaleSlope": 0.117767,
    "UsePhilipsFloatNotDisplayScaling": 1,
    "SliceThickness": 5,
    "SpacingBetweenSlices": 6,
    "SAR": 0.0787199,
    "EchoTime": 0.13,
    "RepetitionTime": 11,
    "MTState": false,
    "InversionTime": 2.8,
    "FlipAngle": 90,
    "CoilString": "MULTI COIL",
    "PercentPhaseFOV": 100,
    "PercentSampling": 79.2857,
    "EchoTrainLength": 53,
    "PhaseEncodingSteps": 205,
    "FrequencyEncodingSteps": 280,
    "PhaseEncodingStepsOutOfPlane": 1,
    "AcquisitionMatrixPE": 205,
    "ReconMatrixPE": 352,
    "CompressedSensingFactor": 1.3,
    "WaterFatShift": 0.525351,
    "EstimatedEffectiveEchoSpacing": 0.00000676468,
    "EstimatedTotalReadoutTime": 0.0023744,
    "AcquisitionDuration": 132,
    "PixelBandwidth": 413,
    "PhaseEncodingAxis": "i",
    "ImageOrientationPatientDICOM": [
        0.168297,
        0.985735,
        -0.00181118,
        -0.00793356,
        -0.00048282,
        -0.999968
    ],
    "InPlanePhaseEncodingDirectionDICOM": "ROW",
    "BidsGuess": [
        "anat",
        "_acq-SKIRTIRp13_run-301_FLAIR"
    ],
    "ConversionSoftware": "dcm2niix",
    "ConversionSoftwareVersion": "v1.0.20240202"
}