{
    "Modality": "MR",
    "MagneticFieldStrength": 1.5,
    "ImagingFrequency": 63.870284,
    "Manufacturer": "Philips",
    "ManufacturersModelName": "Achieva dStream",
    "InstitutionName": "Envision Imaging of Bedford",
    "InstitutionalDepartmentName": "Radiology",
    "DeviceSerialNumber": "18559",
    "StationName": "BEDMR1",
    "PatientAge": 28,
    "BodyPartExamined": "CSPINE",
    "PatientPosition": "HFS",
    "ProcedureStepDescription": "MRI Head/Brain W / WO",
    "SoftwareVersions": "5.7.1\\5.7.1.5",
    "MRAcquisitionType": "2D",
    "SeriesDescription": "POST COR T1 FS",
    "ProtocolName": "POST COR T1 FS",
    "ScanningSequence": "SE",
    "SequenceVariant": "SK",
    "ScanOptions": "FS",
    "PulseSequenceName": "TSE",
    "ImageType": [
        "ORIGINAL",
        "PRIMARY",
        "M",
        "SE",
        "M",
        "SE"
    ],
    "SeriesNumber": 1701,
    "AcquisitionTime": "14:20:43.730000",
    "AcquisitionNumber": 17,
    "PhilipsRWVSlope": 3.06032,
    "PhilipsRWVIntercept": 0,
    "PhilipsRescaleSlope": 3.06032,
    "PhilipsRescaleIntercept": 0,
    "PhilipsScaleSlope": 0.180773,
    "UsePhilipsFloatNotDisplayScaling": 1,
    "SliceThickness": 5,
    "SpacingBetweenSlices": 6,
    "SAR": 0.403464,
    "EchoTime": 0.01,
    "RepetitionTime": 0.668776,
    "MTState": false,
    "FlipAngle": 90,
    "CoilString": "MULTI COIL",
    "PercentPhaseFOV": 78.3333,
    "PercentSampling": 79.4872,
    "EchoTrainLength": 4,
    "PhaseEncodingSteps": 237,
    "FrequencyEncodingSteps": 300,
    "PhaseEncodingStepsOutOfPlane": 1,
    "AcquisitionMatrixPE": 237,
    "ReconMatrixPE": 480,
    "CompressedSensingFactor": 1.6,
    "WaterFatShift": 1.07365,
    "EstimatedEffectiveEchoSpacing": 0.00000825736,
    "EstimatedTotalReadoutTime": 0.00395527,
    "AcquisitionDuration": 102.323,
    "PixelBandwidth": 202,
    "PhaseEncodingAxis": "i",
    "ImageOrientationPatientDICOM": [
        0.985706,
        -0.162562,
        0.0442422,
        0.047541,
        0.0164571,
        -0.998734
    ],
    "InPlanePhaseEncodingDirectionDICOM": "ROW",
    "BidsGuess": [
        "anat",
        "_acq-SKSETSEp16_run-1701_PDw"
    ],
    "ConversionSoftware": "dcm2niix",
    "ConversionSoftwareVersion": "v1.0.20240202"
}