{
    "Modality": "MR",
    "MagneticFieldStrength": 1.5,
    "ImagingFrequency": 63.870196,
    "Manufacturer": "Philips",
    "ManufacturersModelName": "Achieva dStream",
    "InstitutionName": "Envision Imaging of Bedford",
    "InstitutionalDepartmentName": "Radiology",
    "DeviceSerialNumber": "18559",
    "StationName": "BEDMR1",
    "PatientAge": 28,
    "BodyPartExamined": "CSPINE",
    "PatientPosition": "HFS",
    "ProcedureStepDescription": "MRI Cervical Spine W / WO",
    "SoftwareVersions": "5.7.1\\5.7.1.5",
    "MRAcquisitionType": "2D",
    "SeriesDescription": "sAX GRE",
    "ProtocolName": "sAX GRE",
    "ScanningSequence": "GR",
    "SequenceVariant": "SS",
    "ScanOptions": "SP",
    "PulseSequenceName": "FFE",
    "ImageType": [
        "ORIGINAL",
        "PRIMARY",
        "M",
        "FFE",
        "M",
        "FFE"
    ],
    "SeriesNumber": 1402,
    "AcquisitionTime": "14:11:27.620000",
    "AcquisitionNumber": 14,
    "PhilipsRWVSlope": 1,
    "PhilipsRWVIntercept": 0,
    "PhilipsRescaleSlope": 1,
    "PhilipsRescaleIntercept": 0,
    "PhilipsScaleSlope": 0.421868,
    "UsePhilipsFloatNotDisplayScaling": 1,
    "SliceThickness": 3,
    "SpacingBetweenSlices": 3.3,
    "SAR": 0.909121,
    "EchoTime": 0.0067,
    "RepetitionTime": 0.661441,
    "MTState": false,
    "FlipAngle": 28,
    "CoilString": "MULTI COIL",
    "PercentPhaseFOV": 100,
    "PercentSampling": 98.6175,
    "EchoTrainLength": 4,
    "PhaseEncodingSteps": 142,
    "FrequencyEncodingSteps": 144,
    "PhaseEncodingStepsOutOfPlane": 1,
    "AcquisitionMatrixPE": 142,
    "ReconMatrixPE": 400,
    "CompressedSensingFactor": 2,
    "WaterFatShift": 1.00067,
    "EstimatedEffectiveEchoSpacing": 0.0000092391,
    "EstimatedTotalReadoutTime": 0.0036864,
    "AcquisitionDuration": 166.683,
    "PixelBandwidth": 217,
    "PhaseEncodingAxis": "j",
    "ImageOrientationPatientDICOM": [
        0.985706,
        -0.16698,
        0.0223968,
        0.161628,
        0.974767,
        0.153967
    ],
    "InPlanePhaseEncodingDirectionDICOM": "COL",
    "BidsGuess": [
        "anat",
        "_acq-SSGRFFEp20_run-1402_part-mag_T2starw"
    ],
    "ConversionSoftware": "dcm2niix",
    "ConversionSoftwareVersion": "v1.0.20240202"
}