{
    "Modality": "MR",
    "MagneticFieldStrength": 1.5,
    "ImagingFrequency": 63.870276,
    "Manufacturer": "Philips",
    "ManufacturersModelName": "Achieva dStream",
    "InstitutionName": "Envision Imaging of Bedford",
    "InstitutionalDepartmentName": "Radiology",
    "DeviceSerialNumber": "18559",
    "StationName": "BEDMR1",
    "PatientAge": 28,
    "BodyPartExamined": "CSPINE",
    "PatientPosition": "HFS",
    "ProcedureStepDescription": "MRI Head/Brain W / WO",
    "SoftwareVersions": "5.7.1\\5.7.1.5",
    "MRAcquisitionType": "2D",
    "SeriesDescription": "AX FLAIR MVXD",
    "ProtocolName": "AX FLAIR MVXD",
    "ScanningSequence": "IR",
    "SequenceVariant": "SK",
    "ScanOptions": "FS",
    "PulseSequenceName": "TIR",
    "ImageType": [
        "ORIGINAL",
        "PRIMARY",
        "M",
        "IR",
        "M",
        "IR"
    ],
    "SeriesNumber": 601,
    "AcquisitionTime": "13:53:34.340000",
    "AcquisitionNumber": 6,
    "PhilipsRWVSlope": 3.27228,
    "PhilipsRWVIntercept": 0,
    "PhilipsRescaleSlope": 3.27228,
    "PhilipsRescaleIntercept": 0,
    "PhilipsScaleSlope": 0.224844,
    "UsePhilipsFloatNotDisplayScaling": 1,
    "SliceThickness": 5,
    "SpacingBetweenSlices": 6,
    "SAR": 0.0763162,
    "EchoTime": 0.14,
    "RepetitionTime": 10,
    "MTState": false,
    "InversionTime": 2.8,
    "FlipAngle": 90,
    "CoilString": "MULTI COIL",
    "PercentPhaseFOV": 100,
    "PercentSampling": 100,
    "EchoTrainLength": 46,
    "PhaseEncodingSteps": 78,
    "FrequencyEncodingSteps": 236,
    "PhaseEncodingStepsOutOfPlane": 1,
    "AcquisitionMatrixPE": 78,
    "ReconMatrixPE": 320,
    "ParallelReductionFactorInPlane": 1.7,
    "ParallelAcquisitionTechnique": "SENSE",
    "WaterFatShift": 0.811805,
    "EstimatedEffectiveEchoSpacing": 0.0000114695,
    "EstimatedTotalReadoutTime": 0.00365876,
    "AcquisitionDuration": 150,
    "PixelBandwidth": 268,
    "ImageOrientationPatientDICOM": [
        0.985704,
        -0.16752,
        -0.0179958,
        0.168297,
        0.984008,
        0.0583481
    ],
    "BidsGuess": [
        "anat",
        "_acq-SKIRTIRp17_run-601_FLAIR"
    ],
    "ConversionSoftware": "dcm2niix",
    "ConversionSoftwareVersion": "v1.0.20240202"
}