{
    "Modality": "MR",
    "MagneticFieldStrength": 1.5,
    "ImagingFrequency": 63.870192,
    "Manufacturer": "Philips",
    "ManufacturersModelName": "Achieva dStream",
    "InstitutionName": "Envision Imaging of Bedford",
    "InstitutionalDepartmentName": "Radiology",
    "DeviceSerialNumber": "18559",
    "StationName": "BEDMR1",
    "PatientAge": 28,
    "BodyPartExamined": "CSPINE",
    "PatientPosition": "HFS",
    "ProcedureStepDescription": "MRI Cervical Spine W / WO",
    "SoftwareVersions": "5.7.1\\5.7.1.5",
    "MRAcquisitionType": "2D",
    "SeriesDescription": "CSP COR T2",
    "ProtocolName": "CSP COR T2",
    "ScanningSequence": "SE",
    "SequenceVariant": "SK",
    "ScanOptions": "SP",
    "PulseSequenceName": "TSE",
    "ImageType": [
        "ORIGINAL",
        "PRIMARY",
        "M",
        "SE",
        "M",
        "SE"
    ],
    "SeriesNumber": 901,
    "AcquisitionTime": "14:00:30.660000",
    "AcquisitionNumber": 9,
    "PhilipsRWVSlope": 3.63907,
    "PhilipsRWVIntercept": 0,
    "PhilipsRescaleSlope": 3.63907,
    "PhilipsRescaleIntercept": 0,
    "PhilipsScaleSlope": 0.267244,
    "UsePhilipsFloatNotDisplayScaling": 1,
    "SliceThickness": 3,
    "SpacingBetweenSlices": 3.3,
    "SAR": 2.40151,
    "NumberOfAverages": 2,
    "EchoTime": 0.1,
    "RepetitionTime": 2,
    "MTState": false,
    "FlipAngle": 90,
    "CoilString": "MULTI COIL",
    "PercentPhaseFOV": 146.667,
    "PercentSampling": 83.066,
    "EchoTrainLength": 28,
    "PhaseEncodingSteps": 218,
    "FrequencyEncodingSteps": 287,
    "PhaseEncodingStepsOutOfPlane": 1,
    "AcquisitionMatrixPE": 218,
    "ReconMatrixPE": 704,
    "CompressedSensingFactor": 2.3,
    "WaterFatShift": 0.830851,
    "EstimatedEffectiveEchoSpacing": 0.00000525473,
    "EstimatedTotalReadoutTime": 0.00369408,
    "AcquisitionDuration": 84,
    "PixelBandwidth": 261,
    "PhaseEncodingAxis": "j",
    "ImageOrientationPatientDICOM": [
        0.985704,
        -0.166212,
        -0.0275755,
        -0.00793356,
        0.117698,
        -0.993018
    ],
    "InPlanePhaseEncodingDirectionDICOM": "COL",
    "BidsGuess": [
        "anat",
        "_acq-SKSETSEp23_run-901_T2w"
    ],
    "ConversionSoftware": "dcm2niix",
    "ConversionSoftwareVersion": "v1.0.20240202"
}