{
    "Modality": "MR",
    "MagneticFieldStrength": 1.5,
    "ImagingFrequency": 63.870272,
    "Manufacturer": "Philips",
    "ManufacturersModelName": "Achieva dStream",
    "InstitutionName": "Envision Imaging of Bedford",
    "InstitutionalDepartmentName": "Radiology",
    "DeviceSerialNumber": "18559",
    "StationName": "BEDMR1",
    "PatientAge": 28,
    "BodyPartExamined": "CSPINE",
    "PatientPosition": "HFS",
    "ProcedureStepDescription": "MRI Head/Brain W / WO",
    "SoftwareVersions": "5.7.1\\5.7.1.5",
    "MRAcquisitionType": "2D",
    "SeriesDescription": "AX T2 MVXD",
    "ProtocolName": "AX T2 MVXD",
    "ScanningSequence": "SE",
    "SequenceVariant": "SK",
    "ScanOptions": "FS",
    "PulseSequenceName": "TSE",
    "ImageType": [
        "ORIGINAL",
        "PRIMARY",
        "M",
        "SE",
        "M",
        "SE"
    ],
    "SeriesNumber": 501,
    "AcquisitionTime": "13:51:9.710000",
    "AcquisitionNumber": 5,
    "PhilipsRWVSlope": 1.33846,
    "PhilipsRWVIntercept": 0,
    "PhilipsRescaleSlope": 1.33846,
    "PhilipsRescaleIntercept": 0,
    "PhilipsScaleSlope": 0.265626,
    "UsePhilipsFloatNotDisplayScaling": 1,
    "SliceThickness": 5,
    "SpacingBetweenSlices": 6,
    "SAR": 0.273923,
    "EchoTime": 0.11,
    "RepetitionTime": 4,
    "MTState": false,
    "FlipAngle": 90,
    "CoilString": "MULTI COIL",
    "PercentPhaseFOV": 100,
    "PercentSampling": 100,
    "EchoTrainLength": 30,
    "PhaseEncodingSteps": 54,
    "FrequencyEncodingSteps": 384,
    "PhaseEncodingStepsOutOfPlane": 1,
    "AcquisitionMatrixPE": 54,
    "ReconMatrixPE": 528,
    "ParallelReductionFactorInPlane": 1.8,
    "ParallelAcquisitionTechnique": "SENSE",
    "WaterFatShift": 0.994002,
    "EstimatedEffectiveEchoSpacing": 0.0000084054,
    "EstimatedTotalReadoutTime": 0.00442965,
    "AcquisitionDuration": 120,
    "PixelBandwidth": 218,
    "ImageOrientationPatientDICOM": [
        0.985704,
        -0.16752,
        -0.0179958,
        0.168297,
        0.984008,
        0.0583481
    ],
    "BidsGuess": [
        "anat",
        "_acq-SKSETSEp18_run-501_T2w"
    ],
    "ConversionSoftware": "dcm2niix",
    "ConversionSoftwareVersion": "v1.0.20240202"
}