{
    "Modality": "MR",
    "MagneticFieldStrength": 1.5,
    "ImagingFrequency": 63.870192,
    "Manufacturer": "Philips",
    "ManufacturersModelName": "Achieva dStream",
    "InstitutionName": "Envision Imaging of Bedford",
    "InstitutionalDepartmentName": "Radiology",
    "DeviceSerialNumber": "18559",
    "StationName": "BEDMR1",
    "PatientAge": 28,
    "BodyPartExamined": "CSPINE",
    "PatientPosition": "HFS",
    "ProcedureStepDescription": "MRI Cervical Spine W / WO",
    "SoftwareVersions": "5.7.1\\5.7.1.5",
    "MRAcquisitionType": "2D",
    "SeriesDescription": "CSP A X T2",
    "ProtocolName": "CSP A X T2",
    "ScanningSequence": "SE",
    "SequenceVariant": "SK",
    "ScanOptions": "SP",
    "PulseSequenceName": "TSE",
    "ImageType": [
        "ORIGINAL",
        "PRIMARY",
        "M",
        "SE",
        "M",
        "SE"
    ],
    "SeriesNumber": 1301,
    "AcquisitionTime": "14:09:8.970000",
    "AcquisitionNumber": 13,
    "PhilipsRWVSlope": 3.88132,
    "PhilipsRWVIntercept": 0,
    "PhilipsRescaleSlope": 3.88132,
    "PhilipsRescaleIntercept": 0,
    "PhilipsScaleSlope": 0.251731,
    "UsePhilipsFloatNotDisplayScaling": 1,
    "SliceThickness": 3,
    "SpacingBetweenSlices": 3.3,
    "SAR": 2.38907,
    "NumberOfAverages": 2,
    "EchoTime": 0.11,
    "RepetitionTime": 4.19532,
    "MTState": false,
    "FlipAngle": 90,
    "CoilString": "MULTI COIL",
    "PercentPhaseFOV": 100,
    "PercentSampling": 77.1513,
    "EchoTrainLength": 33,
    "PhaseEncodingSteps": 159,
    "FrequencyEncodingSteps": 212,
    "PhaseEncodingStepsOutOfPlane": 1,
    "AcquisitionMatrixPE": 159,
    "ReconMatrixPE": 256,
    "CompressedSensingFactor": 1.5,
    "WaterFatShift": 0.813954,
    "EstimatedEffectiveEchoSpacing": 0.0000142665,
    "EstimatedTotalReadoutTime": 0.00363796,
    "AcquisitionDuration": 125.86,
    "PixelBandwidth": 267,
    "PhaseEncodingAxis": "i",
    "ImageOrientationPatientDICOM": [
        0.985706,
        -0.16698,
        0.0223968,
        0.161628,
        0.974767,
        0.153967
    ],
    "InPlanePhaseEncodingDirectionDICOM": "ROW",
    "BidsGuess": [
        "anat",
        "_acq-SKSETSEp15_run-1301_T2w"
    ],
    "ConversionSoftware": "dcm2niix",
    "ConversionSoftwareVersion": "v1.0.20240202"
}