{
    "Modality": "MR",
    "MagneticFieldStrength": 1.5,
    "ImagingFrequency": 63.870192,
    "Manufacturer": "Philips",
    "ManufacturersModelName": "Achieva dStream",
    "InstitutionName": "Envision Imaging of Bedford",
    "InstitutionalDepartmentName": "Radiology",
    "DeviceSerialNumber": "18559",
    "StationName": "BEDMR1",
    "PatientAge": 28,
    "BodyPartExamined": "CSPINE",
    "PatientPosition": "HFS",
    "ProcedureStepDescription": "MRI Cervical Spine W / WO",
    "SoftwareVersions": "5.7.1\\5.7.1.5",
    "MRAcquisitionType": "2D",
    "SeriesDescription": "CSP SAG T1",
    "ProtocolName": "CSP SAG T1",
    "ScanningSequence": "SE",
    "SequenceVariant": "SK",
    "ScanOptions": "FC",
    "PulseSequenceName": "TSE",
    "ImageType": [
        "ORIGINAL",
        "PRIMARY",
        "M",
        "SE",
        "M",
        "SE"
    ],
    "SeriesNumber": 1001,
    "AcquisitionTime": "14:02:43.900000",
    "AcquisitionNumber": 10,
    "PhilipsRWVSlope": 3.75678,
    "PhilipsRWVIntercept": 0,
    "PhilipsRescaleSlope": 3.75678,
    "PhilipsRescaleIntercept": 0,
    "PhilipsScaleSlope": 0.221689,
    "UsePhilipsFloatNotDisplayScaling": 1,
    "SliceThickness": 3,
    "SpacingBetweenSlices": 3.3,
    "SAR": 1.23065,
    "NumberOfAverages": 2,
    "EchoTime": 0.0082,
    "RepetitionTime": 0.508699,
    "MTState": false,
    "FlipAngle": 90,
    "CoilString": "MULTI COIL",
    "PercentPhaseFOV": 154.839,
    "PercentSampling": 89.2562,
    "EchoTrainLength": 4,
    "PhaseEncodingSteps": 227,
    "FrequencyEncodingSteps": 260,
    "PhaseEncodingStepsOutOfPlane": 1,
    "AcquisitionMatrixPE": 227,
    "ReconMatrixPE": 768,
    "CompressedSensingFactor": 1.9,
    "WaterFatShift": 0.47282,
    "EstimatedEffectiveEchoSpacing": 0.00000227098,
    "EstimatedTotalReadoutTime": 0.00174184,
    "AcquisitionDuration": 84.9528,
    "PixelBandwidth": 459,
    "PhaseEncodingAxis": "j",
    "ImageOrientationPatientDICOM": [
        0.161628,
        0.979041,
        0.123917,
        0.047541,
        0.117698,
        -0.991911
    ],
    "InPlanePhaseEncodingDirectionDICOM": "COL",
    "BidsGuess": [
        "anat",
        "_acq-SKSETSEp19_run-1001_PDw"
    ],
    "ConversionSoftware": "dcm2niix",
    "ConversionSoftwareVersion": "v1.0.20240202"
}