{
    "Modality": "MR",
    "MagneticFieldStrength": 1.5,
    "ImagingFrequency": 63.870308,
    "Manufacturer": "Philips",
    "ManufacturersModelName": "Achieva dStream",
    "InstitutionName": "Envision Imaging of Bedford",
    "InstitutionalDepartmentName": "Radiology",
    "DeviceSerialNumber": "18559",
    "StationName": "BEDMR1",
    "PatientAge": 28,
    "BodyPartExamined": "CSPINE",
    "PatientPosition": "HFS",
    "ProcedureStepDescription": "MRI Head/Brain W / WO",
    "SoftwareVersions": "5.7.1\\5.7.1.5",
    "MRAcquisitionType": "2D",
    "SeriesDescription": "AX FFE",
    "ProtocolName": "AX FFE",
    "ScanningSequence": "GR",
    "SequenceVariant": "SS",
    "ScanOptions": "FC",
    "PulseSequenceName": "FFE",
    "ImageType": [
        "ORIGINAL",
        "PRIMARY",
        "M",
        "FFE",
        "M",
        "FFE"
    ],
    "SeriesNumber": 801,
    "AcquisitionTime": "13:57:43.630000",
    "AcquisitionNumber": 8,
    "PhilipsRWVSlope": 3.81221,
    "PhilipsRWVIntercept": 0,
    "PhilipsRescaleSlope": 3.81221,
    "PhilipsRescaleIntercept": 0,
    "PhilipsScaleSlope": 0.363775,
    "UsePhilipsFloatNotDisplayScaling": 1,
    "SliceThickness": 5,
    "SpacingBetweenSlices": 6,
    "SAR": 0.00190536,
    "EchoTime": 0.023025,
    "RepetitionTime": 0.76044,
    "MTState": false,
    "FlipAngle": 18,
    "CoilString": "MULTI COIL",
    "PercentPhaseFOV": 100,
    "PercentSampling": 76.8382,
    "PhaseEncodingSteps": 209,
    "FrequencyEncodingSteps": 272,
    "PhaseEncodingStepsOutOfPlane": 1,
    "AcquisitionMatrixPE": 209,
    "ReconMatrixPE": 320,
    "ParallelReductionFactorInPlane": 1.5,
    "ParallelAcquisitionTechnique": "SENSE",
    "WaterFatShift": 1.99884,
    "EstimatedEffectiveEchoSpacing": 0.0000144271,
    "EstimatedTotalReadoutTime": 0.00460225,
    "AcquisitionDuration": 107.982,
    "PixelBandwidth": 109,
    "PhaseEncodingAxis": "j",
    "ImageOrientationPatientDICOM": [
        0.985704,
        -0.16752,
        -0.0179958,
        0.168297,
        0.984008,
        0.0583481
    ],
    "InPlanePhaseEncodingDirectionDICOM": "COL",
    "BidsGuess": [
        "anat",
        "_acq-SSGRFFEp15_run-801_part-mag_T2starw"
    ],
    "ConversionSoftware": "dcm2niix",
    "ConversionSoftwareVersion": "v1.0.20240202"
}