{
    "Modality": "MR",
    "MagneticFieldStrength": 1.5,
    "ImagingFrequency": 63.870192,
    "Manufacturer": "Philips",
    "ManufacturersModelName": "Achieva dStream",
    "InstitutionName": "Envision Imaging of Bedford",
    "InstitutionalDepartmentName": "Radiology",
    "DeviceSerialNumber": "18559",
    "StationName": "BEDMR1",
    "PatientAge": 28,
    "BodyPartExamined": "CSPINE",
    "PatientPosition": "HFS",
    "ProcedureStepDescription": "MRI Cervical Spine W / WO",
    "SoftwareVersions": "5.7.1\\5.7.1.5",
    "MRAcquisitionType": "2D",
    "SeriesDescription": "CSP SAG T2",
    "ProtocolName": "CSP SAG T2",
    "ScanningSequence": "SE",
    "SequenceVariant": "SK",
    "ScanOptions": "SP",
    "PulseSequenceName": "TSE",
    "ImageType": [
        "ORIGINAL",
        "PRIMARY",
        "M",
        "SE",
        "M",
        "SE"
    ],
    "SeriesNumber": 1101,
    "AcquisitionTime": "14:04:16.410000",
    "AcquisitionNumber": 11,
    "PhilipsRWVSlope": 3.29621,
    "PhilipsRWVIntercept": 0,
    "PhilipsRescaleSlope": 3.29621,
    "PhilipsRescaleIntercept": 0,
    "PhilipsScaleSlope": 0.31243,
    "UsePhilipsFloatNotDisplayScaling": 1,
    "SliceThickness": 3,
    "SpacingBetweenSlices": 3.3,
    "SAR": 1.41716,
    "NumberOfAverages": 2,
    "EchoTime": 0.1,
    "RepetitionTime": 2,
    "MTState": false,
    "FlipAngle": 90,
    "CoilString": "MULTI COIL",
    "PercentPhaseFOV": 154.286,
    "PercentSampling": 83.3043,
    "EchoTrainLength": 28,
    "PhaseEncodingSteps": 240,
    "FrequencyEncodingSteps": 309,
    "PhaseEncodingStepsOutOfPlane": 1,
    "AcquisitionMatrixPE": 240,
    "ReconMatrixPE": 864,
    "CompressedSensingFactor": 1.7,
    "WaterFatShift": 0.813042,
    "EstimatedEffectiveEchoSpacing": 0.00000418876,
    "EstimatedTotalReadoutTime": 0.0036149,
    "AcquisitionDuration": 116,
    "PixelBandwidth": 267,
    "PhaseEncodingAxis": "j",
    "ImageOrientationPatientDICOM": [
        0.161628,
        0.979041,
        0.123917,
        0.047541,
        0.117698,
        -0.991911
    ],
    "InPlanePhaseEncodingDirectionDICOM": "COL",
    "BidsGuess": [
        "anat",
        "_acq-SKSETSEp17_run-1101_T2w"
    ],
    "ConversionSoftware": "dcm2niix",
    "ConversionSoftwareVersion": "v1.0.20240202"
}