{
    "Modality": "MR",
    "MagneticFieldStrength": 1.5,
    "ImagingFrequency": 63.870308,
    "Manufacturer": "Philips",
    "ManufacturersModelName": "Achieva dStream",
    "InstitutionName": "Envision Imaging of Bedford",
    "InstitutionalDepartmentName": "Radiology",
    "DeviceSerialNumber": "18559",
    "StationName": "BEDMR1",
    "PatientAge": 28,
    "BodyPartExamined": "CSPINE",
    "PatientPosition": "HFS",
    "ProcedureStepDescription": "MRI Head/Brain W / WO",
    "SoftwareVersions": "5.7.1\\5.7.1.5",
    "MRAcquisitionType": "3D",
    "SeriesDescription": "Patient Aligned MPR AWPLAN_SMARTPLAN_TYPE_C_SPINE",
    "ProtocolName": "Patient Aligned MPR AWPLAN_SMARTPLAN_TYPE_C_SPINE",
    "ScanningSequence": "GR",
    "SequenceVariant": "SP",
    "ScanOptions": "OTHER",
    "PulseSequenceName": "T1FFE",
    "ImageType": [
        "ORIGINAL",
        "PRIMARY",
        "MPR",
        "M",
        "FFE"
    ],
    "SeriesNumber": 103,
    "AcquisitionTime": "13:45:2.310000",
    "AcquisitionNumber": 1,
    "PhilipsRWVSlope": 3.53529,
    "PhilipsRWVIntercept": 0,
    "PhilipsRescaleSlope": 3.53529,
    "PhilipsRescaleIntercept": 0,
    "PhilipsScaleSlope": 0.00191522,
    "UsePhilipsFloatNotDisplayScaling": 1,
    "SliceThickness": 9.05,
    "SpacingBetweenSlices": 9.05,
    "SAR": 0.0193169,
    "EchoTime": 0.002001,
    "RepetitionTime": 0.004,
    "MTState": false,
    "SpoilingState": true,
    "SpoilingType": "COMBINED",
    "FlipAngle": 8,
    "CoilString": "MULTI COIL",
    "PercentPhaseFOV": 100,
    "PercentSampling": 40.1624,
    "PhaseEncodingSteps": 135,
    "FrequencyEncodingSteps": 264,
    "PhaseEncodingStepsOutOfPlane": 90,
    "AcquisitionMatrixPE": 135,
    "ReconMatrixPE": 288,
    "ParallelReductionFactorOutOfPlane": 2,
    "CompressedSensingFactor": 2,
    "WaterFatShift": 0.16971,
    "EstimatedEffectiveEchoSpacing": 0.0000013615,
    "EstimatedTotalReadoutTime": 0.00039075,
    "AcquisitionDuration": 14.044,
    "PixelBandwidth": 1280,
    "ImageOrientationPatientDICOM": [
        0,
        1,
        0,
        0,
        0,
        -1
    ],
    "InPlanePhaseEncodingDirectionDICOM": "ROW",
    "BidsGuess": [
        "fmap",
        "_acq-SPGRT1FFEp20_run-103_magnitude1"
    ],
    "ConversionSoftware": "dcm2niix",
    "ConversionSoftwareVersion": "v1.0.20240202",
    "IntendedFor": [
        "anat/sub-01_run-1_PDw.nii.gz",
        "anat/sub-01_run-1_FLAIR.nii.gz",
        "anat/sub-01_run-2_PDw.nii.gz",
        "anat/sub-01_run-1_T2w.nii.gz",
        "anat/sub-01_run-2_FLAIR.nii.gz",
        "dwi/sub-01_dwi.nii.gz",
        "anat/sub-01_run-3_PDw.nii.gz",
        "anat/sub-01_run-3_T2w.nii.gz",
        "anat/sub-01_run-3_FLAIR.nii.gz"
    ]
}